GIT
  remote: git://github.com/commuterjoy/wally.git
  revision: 3f6ec09e9770f03eed4cf5a740d7431b1e3d5592
  specs:
    wally (0.0.45)
      bson_ext
      gherkin
      haml
      komainu
      mongo_mapper
      rdiscount
      rest-client
      sinatra

GEM
  remote: http://rubygems.org/
  specs:
    activemodel (3.2.8)
      activesupport (= 3.2.8)
      builder (~> 3.0.0)
    activesupport (3.2.8)
      i18n (~> 0.6)
      multi_json (~> 1.0)
    bson (1.6.4)
    bson_ext (1.6.4)
      bson (~> 1.6.4)
    builder (3.0.0)
    gherkin (2.11.2)
      json (>= 1.4.6)
    haml (3.1.7)
    i18n (0.6.0)
    json (1.7.5)
    komainu (0.0.10)
    mime-types (1.19)
    mongo (1.6.4)
      bson (~> 1.6.4)
    mongo_mapper (0.11.2)
      activemodel (~> 3.0)
      activesupport (~> 3.0)
      plucky (~> 0.5.1)
    multi_json (1.3.6)
    plucky (0.5.1)
      mongo (~> 1.5)
    rack (1.4.1)
    rack-protection (1.2.0)
      rack
    rdiscount (1.6.8)
    rest-client (1.6.7)
      mime-types (>= 1.16)
    sinatra (1.3.3)
      rack (~> 1.3, >= 1.3.6)
      rack-protection (~> 1.2)
      tilt (~> 1.3, >= 1.3.3)
    tilt (1.3.3)

PLATFORMS
  ruby

DEPENDENCIES
  wally!
